GEM
  remote: https://rubygems.org/
  specs:
    optparse (0.3.1)

PLATFORMS
  arm64-darwin-21

DEPENDENCIES
  optparse

BUNDLED WITH
   2.4.6
